GEM
  remote: http://rubygems.org/
  specs:
    builder (3.0.0)
    i18n (0.6.0)
    mail (2.3.0)
      i18n (>= 0.4.0)
      mime-types (~> 1.16)
      treetop (~> 1.4.8)
    mime-types (1.17.2)
    mustermann (1.1.1)
      ruby2_keywords (~> 0.0.1)
    polyglot (0.3.2)
    purp-ruby-gmail (0.2.2)
      mail (>= 2.2.1)
      shared-mime-info
    rack (2.2.3)
    rack-protection (2.2.0)
      rack
    ruby2_keywords (0.0.5)
    shared-mime-info (0.1)
    sinatra (2.2.0)
      mustermann (~> 1.0)
      rack (~> 2.2)
      rack-protection (= 2.2.0)
      tilt (~> 2.0)
    tilt (2.0.10)
    treetop (1.4.10)
      polyglot
      polyglot (>= 0.3.1)

PLATFORMS
  ruby

DEPENDENCIES
  builder
  mail
  purp-ruby-gmail
  sinatra
