GEM
  remote: http://rubygems.org/
  specs:
    builder (3.0.0)
    i18n (0.6.0)
    mail (2.3.0)
      i18n (>= 0.4.0)
      mime-types (~> 1.16)
      treetop (~> 1.4.8)
    mime-types (1.17.2)
    polyglot (0.3.2)
    purp-ruby-gmail (0.2.2)
      mail (>= 2.2.1)
      shared-mime-info
    rack (1.6.11)
    rack-protection (1.1.4)
      rack
    shared-mime-info (0.1)
    sinatra (1.3.1)
      rack (~> 1.3, >= 1.3.4)
      rack-protection (~> 1.1, >= 1.1.2)
      tilt (~> 1.3, >= 1.3.3)
    tilt (1.3.3)
    treetop (1.4.10)
      polyglot
      polyglot (>= 0.3.1)

PLATFORMS
  ruby

DEPENDENCIES
  builder
  mail
  purp-ruby-gmail
  sinatra
